GEM
  remote: http://rubygems.org/
  specs:
    json (1.6.6)
    mime-types (1.18)
    oauth (0.4.5)
    rest-client (1.6.7)
      mime-types (>= 1.16)

PLATFORMS
  ruby

DEPENDENCIES
  json (= 1.6.6)
  oauth
  rest-client
